GEM
  remote: https://rubygems.org/
  specs:
    cuba (3.1.1)
      rack
    json (1.8.1)
    puma (2.8.1)
      rack (>= 1.1, < 2.0)
    rack (1.5.2)
    redis (3.0.5)

PLATFORMS
  ruby

DEPENDENCIES
  cuba
  json
  puma
  redis
