GEM
  remote: https://rubygems.org/
  specs:
    coderay (1.1.0)
    connection_pool (2.2.0)
    cuba (3.4.0)
      rack
    json (1.8.3)
    lift (0.1.0)
    method_source (0.8.2)
    minitest (5.7.0)
    pry (0.10.1)
      coderay (~> 1.1.0)
      method_source (~> 0.8.1)
      slop (~> 3.4)
    puma (2.11.3)
      rack (>= 1.1, < 2.0)
    rack (1.6.4)
    rack-test (0.6.3)
      rack (>= 1.0)
    rake (10.4.2)
    redis (3.2.1)
    slop (3.6.0)

PLATFORMS
  ruby

DEPENDENCIES
  connection_pool (~> 2.2.0)
  cuba (~> 3.4.0)
  json (~> 1.8.3)
  lift (~> 0.1.0)
  minitest (~> 5.7.0)
  pry
  puma (~> 2.11.3)
  rack-test (~> 0.6.3)
  rake (~> 10.4.2)
  redis (~> 3.2.1)

BUNDLED WITH
   1.10.5
